PATH
  remote: .
  specs:
    period (0.1.4)
      activesupport (= 5.2.3)
      i18n (= 1.6.0)

GEM
  remote: https://rubygems.org/
  specs:
    activesupport (5.2.3)
      concurrent-ruby (~> 1.0, >= 1.0.2)
      i18n (>= 0.7, < 2)
      minitest (~> 5.1)
      tzinfo (~> 1.1)
    concurrent-ruby (1.1.6)
    i18n (1.6.0)
      concurrent-ruby (~> 1.0)
    minitest (5.14.1)
    rake (10.5.0)
    thread_safe (0.3.6)
    tzinfo (1.2.7)
      thread_safe (~> 0.1)

PLATFORMS
  ruby

DEPENDENCIES
  bundler (~> 2.0)
  rake (~> 10.0)
  period!

BUNDLED WITH
   2.0.1
