PATH
  remote: .
  specs:
    active_period (5.1.0)
      activesupport (~> 5)
      i18n (~> 1)

GEM
  remote: https://rubygems.org/
  specs:
    activesupport (5.2.5)
      concurrent-ruby (~> 1.0, >= 1.0.2)
      i18n (>= 0.7, < 2)
      minitest (~> 5.1)
      tzinfo (~> 1.1)
    concurrent-ruby (1.1.8)
    i18n (1.8.10)
      concurrent-ruby (~> 1.0)
    minitest (5.14.4)
    rake (10.5.0)
    thread_safe (0.3.6)
    tzinfo (1.2.9)
      thread_safe (~> 0.1)

PLATFORMS
  ruby
  x86_64-darwin-19

DEPENDENCIES
  active_period!
  bundler (~> 2.0)
  rake (~> 10.0)

BUNDLED WITH
   2.2.3
